GEM
  remote: http://rubygems.org/
  specs:
    abstract (1.0.0)
    actionmailer (3.0.10)
      actionpack (= 3.0.10)
      mail (~> 2.2.19)
    actionpack (3.0.10)
      activemodel (= 3.0.10)
      activesupport (= 3.0.10)
      builder (~> 2.1.2)
      erubis (~> 2.6.6)
      i18n (~> 0.5.0)
      rack (~> 1.2.1)
      rack-mount (~> 0.6.14)
      rack-test (~> 0.5.7)
      tzinfo (~> 0.3.23)
    activemodel (3.0.10)
      activesupport (= 3.0.10)
      builder (~> 2.1.2)
      i18n (~> 0.5.0)
    activerecord (3.0.10)
      activemodel (= 3.0.10)
      activesupport (= 3.0.10)
      arel (~> 2.0.10)
      tzinfo (~> 0.3.23)
    activeresource (3.0.10)
      activemodel (= 3.0.10)
      activesupport (= 3.0.10)
    activesupport (3.0.10)
    addressable (2.2.4)
    archive-tar-minitar (0.5.2)
    arel (2.0.10)
    babosa (0.3.5)
    builder (2.1.2)
    cancan (1.6.5)
    capistrano (2.8.0)
      highline
      net-scp (>= 1.0.0)
      net-sftp (>= 2.0.0)
      net-ssh (>= 2.0.14)
      net-ssh-gateway (>= 1.1.0)
    capybara (1.1.1)
      mime-types (>= 1.16)
      nokogiri (>= 1.3.3)
      rack (>= 1.0.0)
      rack-test (>= 0.5.4)
      selenium-webdriver (~> 2.0)
      xpath (~> 0.1.4)
    childprocess (0.2.2)
      ffi (~> 1.0.6)
    chronic (0.6.4)
    chunky_png (1.2.4)
    cocaine (0.2.0)
    columnize (0.3.4)
    compass (0.11.5)
      chunky_png (~> 1.2)
      fssm (>= 0.2.7)
      sass (~> 3.1)
    database_cleaner (0.6.7)
    diff-lcs (1.1.3)
    erubis (2.6.6)
      abstract (>= 1.0.0)
    factory_girl (2.1.0)
    factory_girl_rails (1.2.0)
      factory_girl (~> 2.1.0)
      railties (>= 3.0.0)
    fakeweb (1.3.0)
    fancy-buttons (1.1.2)
      compass (>= 0.11)
    faraday (0.6.1)
      addressable (~> 2.2.4)
      multipart-post (~> 1.1.0)
      rack (< 2, >= 1.1.0)
    faraday_middleware (0.6.5)
      faraday (~> 0.6.0)
    ffi (1.0.9)
    forgery (0.5.0)
    friendly_id (3.3.0.1)
      babosa (~> 0.3.0)
    fssm (0.2.7)
    guard (0.7.0)
      thor (~> 0.14.6)
    guard-bundler (0.1.3)
      bundler (>= 1.0.0)
      guard (>= 0.2.2)
    guard-rspec (0.4.5)
      guard (>= 0.4.0)
    guard-spork (0.2.1)
      guard (>= 0.2.2)
      spork (>= 0.8.4)
    haml (3.1.3)
    haml-rails (0.3.4)
      actionpack (~> 3.0)
      activesupport (~> 3.0)
      haml (~> 3.0)
      railties (~> 3.0)
    hashie (1.0.0)
    highline (1.6.2)
    hoptoad_notifier (2.4.11)
      activesupport
      builder
    html5-boilerplate (1.0.0)
      compass (>= 0.11.1)
    i18n (0.5.0)
    json_pure (1.6.1)
    launchy (2.0.3)
    linecache19 (0.5.12)
      ruby_core_source (>= 0.1.4)
    mail (2.2.19)
      activesupport (>= 2.3.6)
      i18n (>= 0.4.0)
      mime-types (~> 1.16)
      treetop (~> 1.4.8)
    mechanize (2.0.1)
      net-http-digest_auth (>= 1.1.1, ~> 1.1)
      net-http-persistent (~> 1.8)
      nokogiri (~> 1.4)
      webrobots (>= 0.0.9, ~> 0.0)
    mime-types (1.16)
    multi_json (1.0.3)
    multi_xml (0.2.2)
    multipart-post (1.1.3)
    mysql2 (0.2.13)
    net-http-digest_auth (1.1.1)
    net-http-persistent (1.9)
    net-ldap (0.2.2)
    net-scp (1.0.4)
      net-ssh (>= 1.99.1)
    net-sftp (2.0.5)
      net-ssh (>= 2.0.9)
    net-ssh (2.2.1)
    net-ssh-gateway (1.1.0)
      net-ssh (>= 1.99.1)
    nokogiri (1.4.7)
    oa-basic (0.2.6)
      oa-core (= 0.2.6)
      rest-client (~> 1.6.0)
    oa-core (0.2.6)
    oa-enterprise (0.2.6)
      addressable (= 2.2.4)
      net-ldap (~> 0.2.2)
      nokogiri (~> 1.4.2)
      oa-core (= 0.2.6)
      pyu-ruby-sasl (~> 0.0.3.1)
      rubyntlm (~> 0.1.1)
    oa-more (0.2.6)
      multi_json (~> 1.0.0)
      oa-core (= 0.2.6)
      rest-client (~> 1.6.0)
    oa-oauth (0.2.6)
      faraday (~> 0.6.1)
      multi_json (~> 1.0.0)
      multi_xml (~> 0.2.2)
      oa-core (= 0.2.6)
      oauth (~> 0.4.0)
      oauth2 (~> 0.4.1)
    oa-openid (0.2.6)
      oa-core (= 0.2.6)
      rack-openid (~> 1.3.1)
      ruby-openid-apps-discovery (~> 1.2.0)
    oauth (0.4.5)
    oauth2 (0.4.1)
      faraday (~> 0.6.1)
      multi_json (>= 0.0.5)
    omniauth (0.2.6)
      oa-basic (= 0.2.6)
      oa-core (= 0.2.6)
      oa-enterprise (= 0.2.6)
      oa-more (= 0.2.6)
      oa-oauth (= 0.2.6)
      oa-openid (= 0.2.6)
    paperclip (2.4.1)
      activerecord (>= 2.3.0)
      activesupport (>= 2.3.2)
      cocaine (>= 0.0.2)
      mime-types
    polyglot (0.3.2)
    pyu-ruby-sasl (0.0.3.3)
    rack (1.2.4)
    rack-mount (0.6.14)
      rack (>= 1.0.0)
    rack-openid (1.3.1)
      rack (>= 1.1.0)
      ruby-openid (>= 2.1.8)
    rack-test (0.5.7)
      rack (>= 1.0)
    rails (3.0.10)
      actionmailer (= 3.0.10)
      actionpack (= 3.0.10)
      activerecord (= 3.0.10)
      activeresource (= 3.0.10)
      activesupport (= 3.0.10)
      bundler (~> 1.0)
      railties (= 3.0.10)
    railties (3.0.10)
      actionpack (= 3.0.10)
      activesupport (= 3.0.10)
      rake (>= 0.8.7)
      rdoc (~> 3.4)
      thor (~> 0.14.4)
    rake (0.9.2)
    rdoc (3.9.4)
    rest-client (1.6.7)
      mime-types (>= 1.16)
    rspec (2.6.0)
      rspec-core (~> 2.6.0)
      rspec-expectations (~> 2.6.0)
      rspec-mocks (~> 2.6.0)
    rspec-core (2.6.4)
    rspec-expectations (2.6.0)
      diff-lcs (~> 1.1.2)
    rspec-mocks (2.6.0)
    rspec-rails (2.6.1)
      actionpack (~> 3.0)
      activesupport (~> 3.0)
      railties (~> 3.0)
      rspec (~> 2.6.0)
    ruby-debug-base19 (0.11.25)
      columnize (>= 0.3.1)
      linecache19 (>= 0.5.11)
      ruby_core_source (>= 0.1.4)
    ruby-debug19 (0.11.6)
      columnize (>= 0.3.1)
      linecache19 (>= 0.5.11)
      ruby-debug-base19 (>= 0.11.19)
    ruby-openid (2.1.8)
    ruby-openid-apps-discovery (1.2.0)
      ruby-openid (>= 2.1.7)
    ruby_core_source (0.1.5)
      archive-tar-minitar (>= 0.5.2)
    rubyntlm (0.1.1)
    rubyzip (0.9.4)
    sass (3.1.7)
    selenium-webdriver (2.6.0)
      childprocess (>= 0.2.1)
      ffi (>= 1.0.7)
      json_pure
      rubyzip
    shoulda-matchers (1.0.0.beta3)
    simple_oauth (0.1.5)
    spork (0.8.5)
    thor (0.14.6)
    treetop (1.4.10)
      polyglot
      polyglot (>= 0.3.1)
    twitter (1.6.0)
      faraday (~> 0.6.1)
      faraday_middleware (~> 0.6.3)
      hashie (~> 1.0.0)
      multi_json (~> 1.0.0)
      multi_xml (~> 0.2.0)
      simple_oauth (~> 0.1.5)
    tzinfo (0.3.29)
    vcr (1.11.3)
    webrobots (0.0.11)
      nokogiri (>= 1.4.4)
    whenever (0.7.0)
      activesupport (>= 2.3.4)
      chronic (~> 0.6.3)
    xpath (0.1.4)
      nokogiri (~> 1.3)

PLATFORMS
  ruby

DEPENDENCIES
  cancan
  capistrano
  capybara
  compass
  database_cleaner
  factory_girl_rails
  fakeweb
  fancy-buttons
  forgery
  friendly_id (~> 3.3.0)
  guard
  guard-bundler
  guard-rspec
  guard-spork
  haml
  haml-rails
  hoptoad_notifier
  html5-boilerplate
  launchy
  mechanize
  mysql2 (~> 0.2.7)
  omniauth (~> 0.2.6)
  paperclip
  rails (= 3.0.10)
  rspec-rails
  ruby-debug19
  shoulda-matchers
  spork
  twitter
  vcr
  whenever
